PATH
  remote: .
  specs:
    numo-binrw (0.1.0)

GEM
  remote: https://rubygems.org/
  specs:
    rake (13.0.6)
    rake-compiler (1.1.1)
      rake

PLATFORMS
  x86_64-linux

DEPENDENCIES
  numo-binrw!
  rake (>= 12.3.3)
  rake-compiler (~> 1.1.1)

BUNDLED WITH
   2.2.22
